GEM
  remote: https://rubygems.org/
  specs:
    activesupport (4.2.11.3)
      i18n (~> 0.7)
      minitest (~> 5.1)
      thread_safe (~> 0.3, >= 0.3.4)
      tzinfo (~> 1.1)
    addressable (2.8.0)
      public_suffix (>= 2.0.2, < 5.0)
    cleverbot (0.2.0)
      httparty (>= 0.8.1, < 1.0)
    concurrent-ruby (1.1.9)
    cookiejar (0.3.3)
    daemons (1.1.9)
    em-http-request (1.1.7)
      addressable (>= 2.3.4)
      cookiejar (!= 0.3.1)
      em-socksify (>= 0.3)
      eventmachine (>= 1.0.3)
      http_parser.rb (>= 0.6.0)
    em-socksify (0.3.2)
      eventmachine (>= 1.0.0.beta.4)
    eventmachine (1.2.7)
    hipbot (1.0.3)
      activesupport (>= 3.0.0)
      daemons (~> 1.1)
      em-http-request (~> 1.1)
      eventmachine (~> 1.0)
      xmpp4r-hipchat (= 0.0.4)
    hipbot-plugins (1.0.2)
      cleverbot (~> 0.2.0)
      hipbot (~> 1.0, >= 1.0.0)
      htmlentities
      wolfram (~> 0.2.1)
    htmlentities (4.3.1)
    http_parser.rb (0.6.0)
    httparty (0.13.0)
      json (~> 1.8)
      multi_xml (>= 0.5.2)
    i18n (0.9.5)
      concurrent-ruby (~> 1.0)
    json (1.8.1)
    mini_portile2 (2.4.0)
    minitest (5.12.0)
    multi_xml (0.5.5)
    nokogiri (1.9.1)
      mini_portile2 (~> 2.4.0)
    public_suffix (3.1.1)
    thread_safe (0.3.6)
    tzinfo (1.2.10)
      thread_safe (~> 0.1)
    wolfram (0.2.1)
      nokogiri (>= 1.4.3)
    xmpp4r (0.5.6)
    xmpp4r-hipchat (0.0.4)
      xmpp4r (~> 0.5)

PLATFORMS
  ruby

DEPENDENCIES
  hipbot
  hipbot-plugins (= 1.0.2)
